GEM
  remote: https://rubygems.org/
  specs:
    concurrent-ruby (1.1.8)
    msgpack (1.4.2)
    ocra (1.3.11)
    os (1.1.1)
    smarter_csv (1.2.8)
    tzinfo (2.0.4)
      concurrent-ruby (~> 1.0)
    tzinfo-data (1.2021.1)
      tzinfo (>= 1.0.0)

PLATFORMS
  ruby
  x64-mingw32

DEPENDENCIES
  ocra
  os
  smarter_csv
  tzinfo
  tzinfo-data

RUBY VERSION
   ruby 2.5.1p57

BUNDLED WITH
   1.16.4
