GEM
  remote: https://rubygems.org/
  specs:
    concurrent-ruby (1.1.7)
    marky_markov (0.3.5)
      msgpack
    msgpack (1.3.3)
    msgpack (1.3.3-x64-mingw32)
    ocra (1.3.11)
    os (1.1.1)
    smarter_csv (1.2.6)
    tzinfo (2.0.3)
      concurrent-ruby (~> 1.0)
    tzinfo-data (1.2020.4)
      tzinfo (>= 1.0.0)

PLATFORMS
  ruby
  x64-mingw32

DEPENDENCIES
  marky_markov
  ocra
  os
  smarter_csv
  tzinfo
  tzinfo-data

RUBY VERSION
   ruby 2.5.1p57

BUNDLED WITH
   1.16.4
